PATH
  remote: .
  specs:
    little_monster (0.0.1)
      activesupport
      multi_json
      thor
      tilt
      toiler
      typhoeus

GEM
  remote: http://rubygems.org/
  specs:
    activesupport (5.0.0)
      concurrent-ruby (~> 1.0, >= 1.0.2)
      i18n (~> 0.7)
      minitest (~> 5.1)
      tzinfo (~> 1.1)
    ast (2.3.0)
    aws-sdk (2.3.19)
      aws-sdk-resources (= 2.3.19)
    aws-sdk-core (2.3.19)
      jmespath (~> 1.0)
    aws-sdk-resources (2.3.19)
      aws-sdk-core (= 2.3.19)
    byebug (9.0.5)
    coderay (1.1.1)
    concurrent-ruby (1.0.2)
    concurrent-ruby-edge (0.2.2)
      concurrent-ruby (~> 1.0.2)
    diff-lcs (1.2.5)
    docile (1.1.5)
    ethon (0.9.0)
      ffi (>= 1.3.0)
    ffi (1.9.10)
    i18n (0.7.0)
    jmespath (1.2.4)
      json_pure (>= 1.8.1)
    json (2.0.1)
    json_pure (2.0.1)
    method_source (0.8.2)
    minitest (5.9.0)
    multi_json (1.12.1)
    oj (2.16.1)
    parser (2.3.1.2)
      ast (~> 2.2)
    powerpack (0.1.1)
    pry (0.10.3)
      coderay (~> 1.1.0)
      method_source (~> 0.8.1)
      slop (~> 3.4)
    rainbow (2.1.0)
    rake (11.2.2)
    require_all (1.3.3)
    rspec (3.5.0)
      rspec-core (~> 3.5.0)
      rspec-expectations (~> 3.5.0)
      rspec-mocks (~> 3.5.0)
    rspec-core (3.5.0)
      rspec-support (~> 3.5.0)
    rspec-expectations (3.5.0)
      diff-lcs (>= 1.2.0, < 2.0)
      rspec-support (~> 3.5.0)
    rspec-mocks (3.5.0)
      diff-lcs (>= 1.2.0, < 2.0)
      rspec-support (~> 3.5.0)
    rspec-support (3.5.0)
    rubocop (0.41.1)
      parser (>= 2.3.1.1, < 3.0)
      powerpack (~> 0.1)
      rainbow (>= 1.99.1, < 3.0)
      ruby-progressbar (~> 1.7)
      unicode-display_width (~> 1.0, >= 1.0.1)
    ruby-progressbar (1.8.1)
    simplecov (0.12.0)
      docile (~> 1.1.0)
      json (>= 1.8, < 3)
      simplecov-html (~> 0.10.0)
    simplecov-html (0.10.0)
    slop (3.6.0)
    thor (0.19.1)
    thread_safe (0.3.5)
    tilt (2.0.5)
    toiler (0.3.6)
      aws-sdk (~> 2.2, >= 2.2.10)
      concurrent-ruby (~> 1.0, >= 1.0.0)
      concurrent-ruby-edge (~> 0.2.0, >= 0.2.0)
    typhoeus (1.0.2)
      ethon (>= 0.9.0)
    tzinfo (1.2.2)
      thread_safe (~> 0.1)
    unicode-display_width (1.1.0)

PLATFORMS
  ruby

DEPENDENCIES
  bundler
  byebug
  little_monster!
  oj
  pry
  rake
  require_all
  rspec
  rubocop
  simplecov

BUNDLED WITH
   1.12.5
